GEM
  remote: https://rubygems.org/
  specs:
    activesupport (5.2.5)
      concurrent-ruby (~> 1.0, >= 1.0.2)
      i18n (>= 0.7, < 2)
      minitest (~> 5.1)
      tzinfo (~> 1.1)
    aws-eventstream (1.1.1)
    aws-partitions (1.445.0)
    aws-sdk-core (3.114.0)
      aws-eventstream (~> 1, >= 1.0.2)
      aws-partitions (~> 1, >= 1.239.0)
      aws-sigv4 (~> 1.1)
      jmespath (~> 1.0)
    aws-sdk-lambda (1.62.0)
      aws-sdk-core (~> 3, >= 3.112.0)
      aws-sigv4 (~> 1.1)
    aws-sdk-xray (1.4.0)
      aws-sdk-core (~> 3)
      aws-sigv4 (~> 1.0)
    aws-sigv4 (1.2.3)
      aws-eventstream (~> 1, >= 1.0.2)
    aws-xray-sdk (0.11.4)
      aws-sdk-xray (~> 1.4.0)
      multi_json (~> 1)
    concurrent-ruby (1.1.8)
    fast-polylines (2.2.0)
    i18n (0.7.0)
    jmespath (1.4.0)
    minitest (5.14.4)
    multi_json (1.15.0)
    rubyfit (0.0.16)
    thread_safe (0.3.6)
    tzinfo (1.2.9)
      thread_safe (~> 0.1)
    wheretz (0.0.5)

PLATFORMS
  ruby

DEPENDENCIES
  activesupport (~> 5.2, >= 5.2.5)
  aws-sdk-lambda (~> 1.62)
  aws-xray-sdk (= 0.11.4)
  concurrent-ruby (~> 1.1, >= 1.1.8)
  fast-polylines (~> 2.2.0)
  i18n (~> 0.7.0)
  rubyfit (~> 0.0.16)
  thread_safe (~> 0.3.6)
  tzinfo (~> 1.2, >= 1.2.9)
  wheretz (~> 0.0.5)

BUNDLED WITH
   2.1.4
